GEM
  remote: https://rubygems.org/
  specs:
    benchmark-ips (2.9.1)

PLATFORMS
  x86_64-darwin-20

DEPENDENCIES
  benchmark-ips (~> 2.9)

BUNDLED WITH
   2.2.22
